GEM
  remote: https://rubygems.org/
  specs:
    colorize (0.8.1)
    crass (1.0.4)
    faraday (0.15.4)
      multipart-post (>= 1.2, < 3)
    faraday_middleware (0.13.1)
      faraday (>= 0.7.4, < 1.0)
    feedjira (2.2.0)
      faraday (>= 0.9)
      faraday_middleware (>= 0.9)
      loofah (>= 2.0)
      sax-machine (>= 1.0)
    loofah (2.2.3)
      crass (~> 1.0.2)
      nokogiri (>= 1.5.9)
    mini_portile2 (2.4.0)
    multipart-post (2.0.0)
    nokogiri (1.10.2)
      mini_portile2 (~> 2.4.0)
    sax-machine (1.3.2)
    sqlite3 (1.4.0)

PLATFORMS
  ruby

DEPENDENCIES
  colorize (>= 0.8.1)
  feedjira (>= 2.2.0)
  loofah (>= 2.2.3)
  nokogiri (>= 1.8.5)
  sqlite3 (>= 1.4.0)

BUNDLED WITH
   2.0.1
